GEM
  remote: http://rubygems.org/
  specs:
    activesupport (3.0.6)
    columnize (0.3.6)
    diff-lcs (1.1.3)
    i18n (0.5.0)
    linecache (0.46)
      rbx-require-relative (> 0.0.4)
    mime-types (1.16)
    polyglot (0.3.3)
    rake (0.9.2.2)
    rbx-require-relative (0.0.5)
    rspec (2.8.0)
      rspec-core (~> 2.8.0)
      rspec-expectations (~> 2.8.0)
      rspec-mocks (~> 2.8.0)
    rspec-core (2.8.0)
    rspec-expectations (2.8.0)
      diff-lcs (~> 1.1.2)
    rspec-mocks (2.8.0)
    ruby-debug (0.10.4)
      columnize (>= 0.1)
      ruby-debug-base (~> 0.10.4.0)
    ruby-debug-base (0.10.4)
      linecache (>= 0.3)
    treetop (1.4.10)
      polyglot
      polyglot (>= 0.3.1)

PLATFORMS
  java
  ruby

DEPENDENCIES
  activesupport (>= 2.3.6)
  i18n (>= 0.4.0)
  mime-types (~> 1.16)
  rake (> 0.8.7)
  rspec (~> 2.8.0)
  ruby-debug
  treetop (~> 1.4.10)
